PATH
  remote: .
  specs:
    classifier (1.3.5)
      fast-stemmer (~> 1.0.0)

GEM
  remote: https://rubygems.org/
  specs:
    fast-stemmer (1.0.2)
    minitest (5.11.3)
    rake (12.3.0)
    rdoc (6.0.2)

PLATFORMS
  ruby

DEPENDENCIES
  bundler (>= 1.0.0)
  classifier!
  minitest
  rake
  rdoc

BUNDLED WITH
   1.16.1
