PATH
  remote: .
  specs:
    classifier (1.3.5)
      fast-stemmer (~> 1.0.0)

GEM
  remote: https://rubygems.org/
  specs:
    diff-lcs (1.3)
    fast-stemmer (1.0.2)
    rake (12.3.0)
    rdoc (6.0.2)
    rspec (2.99.0)
      rspec-core (~> 2.99.0)
      rspec-expectations (~> 2.99.0)
      rspec-mocks (~> 2.99.0)
    rspec-core (2.99.2)
    rspec-expectations (2.99.2)
      diff-lcs (>= 1.1.3, < 2.0)
    rspec-mocks (2.99.4)

PLATFORMS
  ruby

DEPENDENCIES
  classifier!
  rake
  rdoc
  rspec (~> 2.14)

BUNDLED WITH
   1.16.1
